PATH
  remote: .
  specs:
    fileconv (0.3.1)

GEM
  remote: https://rubygems.org/
  specs:
    rake (13.0.1)
    yard (0.9.35)

PLATFORMS
  ruby

DEPENDENCIES
  bundler (~> 2.0)
  fileconv!
  rake (~> 13.0)
  yard

BUNDLED WITH
   2.0.2
