PATH
  remote: .
  specs:
    fileconv (0.2.1)

GEM
  remote: https://rubygems.org/
  specs:
    rake (10.5.0)
    yard (0.9.20)

PLATFORMS
  ruby

DEPENDENCIES
  bundler (~> 2.0)
  fileconv!
  rake (~> 10.0)
  yard

BUNDLED WITH
   2.0.2
